GEM
  remote: https://rubygems.org/
  specs:
    CFPropertyList (2.3.5)
    ast (2.3.0)
    awesome_print (1.7.0)
    claide (1.0.2)
    colored2 (3.1.2)
    highline (1.7.8)
    httpclient (2.8.3)
    inifile (3.0.0)
    json_color (0.1.0)
      term-ansicolor
    nanaimo (0.2.3)
    parallel (1.11.2)
    parser (2.4.0.0)
      ast (~> 2.2)
    powerpack (0.1.1)
    rainbow (2.2.2)
      rake
    rake (12.0.0)
    rmagick (2.16.0)
    rubocop (0.49.1)
      parallel (~> 1.10)
      parser (>= 2.3.3.1, < 3.0)
      powerpack (~> 0.1)
      rainbow (>= 1.99.1, < 3.0)
      ruby-progressbar (~> 1.7)
      unicode-display_width (~> 1.0, >= 1.0.1)
    ruby-progressbar (1.8.1)
    rubyzip (1.2.1)
    term-ansicolor (1.6.0)
      tins (~> 1.0)
    thor (0.19.4)
    tins (1.14.0)
    unicode-display_width (1.2.1)
    xcodeproj (1.5.0)
      CFPropertyList (~> 2.3.3)
      claide (>= 1.0.2, < 2.0)
      colored2 (~> 3.1)
      nanaimo (~> 0.2.3)

PLATFORMS
  ruby

DEPENDENCIES
  awesome_print (~> 1.7.0)
  bundler
  highline (~> 1.7.8)
  httpclient (~> 2.8.3)
  inifile (~> 3.0.0)
  json_color (~> 0.1.0)
  rainbow (~> 2.2.1)
  rmagick (~> 2.16.0)
  rubocop (= 0.49.1)
  rubyzip (~> 1.2.1)
  thor (~> 0.19.4)
  xcodeproj (~> 1.5.0)

BUNDLED WITH
   1.15.1
