GEM
  remote: https://rubygems.org/
  specs:
    activesupport (5.0.0.1)
      concurrent-ruby (~> 1.0, >= 1.0.2)
      i18n (~> 0.7)
      minitest (~> 5.1)
      tzinfo (~> 1.1)
    ast (2.3.0)
    awesome_print (1.7.0)
    claide (0.9.1)
    colored (1.2)
    colorize (0.7.7)
    concurrent-ruby (1.0.2)
    highline (1.7.8)
    httpclient (2.8.0)
    i18n (0.7.0)
    inifile (3.0.0)
    json_color (0.1.0)
      term-ansicolor
    minitest (5.9.0)
    parser (2.3.1.4)
      ast (~> 2.2)
    powerpack (0.1.1)
    rainbow (2.1.0)
    rmagick (2.15.4)
    rubocop (0.43.0)
      parser (>= 2.3.1.1, < 3.0)
      powerpack (~> 0.1)
      rainbow (>= 1.99.1, < 3.0)
      ruby-progressbar (~> 1.7)
      unicode-display_width (~> 1.0, >= 1.0.1)
    ruby-progressbar (1.8.1)
    rubyzip (1.2.0)
    term-ansicolor (1.3.2)
      tins (~> 1.0)
    thor (0.19.1)
    thread_safe (0.3.5)
    tins (1.12.0)
    tzinfo (1.2.2)
      thread_safe (~> 0.1)
    unicode-display_width (1.1.1)
    xcodeproj (0.28.2)
      activesupport (>= 3)
      claide (~> 0.9.1)
      colored (~> 1.2)

PLATFORMS
  ruby

DEPENDENCIES
  awesome_print (= 1.7.0)
  bundler
  colorize (= 0.7.7)
  highline (= 1.7.8)
  httpclient (= 2.8.0)
  inifile (= 3.0.0)
  json_color (= 0.1.0)
  rmagick (= 2.15.4)
  rubocop (= 0.43.0)
  rubyzip (= 1.2.0)
  thor (= 0.19.1)
  xcodeproj (= 0.28.2)

BUNDLED WITH
   1.11.2
