GEM
  remote: https://rubygems.org/
  specs:
    CFPropertyList (3.0.0)
    ast (2.4.0)
    atomos (0.1.2)
    awesome_print (1.7.0)
    claide (1.0.2)
    colored2 (3.1.2)
    highline (1.7.10)
    httpclient (2.8.3)
    inifile (3.0.0)
    jaro_winkler (1.5.1)
    json_color (0.1.0)
      term-ansicolor
    mini_magick (4.8.0)
    nanaimo (0.2.5)
    parallel (1.12.1)
    parser (2.5.1.0)
      ast (~> 2.4.0)
    powerpack (0.1.2)
    rainbow (2.2.2)
      rake
    rake (12.3.1)
    rubocop (0.57.2)
      jaro_winkler (~> 1.5.1)
      parallel (~> 1.10)
      parser (>= 2.5)
      powerpack (~> 0.1)
      rainbow (>= 2.2.2, < 4.0)
      ruby-progressbar (~> 1.7)
      unicode-display_width (~> 1.0, >= 1.0.1)
    ruby-progressbar (1.9.0)
    rubyzip (1.2.1)
    term-ansicolor (1.6.0)
      tins (~> 1.0)
    thor (0.19.4)
    tins (1.16.3)
    unicode-display_width (1.4.0)
    xcodeproj (1.5.9)
      CFPropertyList (>= 2.3.3, < 4.0)
      atomos (~> 0.1.2)
      claide (>= 1.0.2, < 2.0)
      colored2 (~> 3.1)
      nanaimo (~> 0.2.5)

PLATFORMS
  ruby

DEPENDENCIES
  awesome_print (~> 1.7.0)
  bundler
  highline (~> 1.7.8)
  httpclient (~> 2.8.3)
  inifile (~> 3.0.0)
  json_color (~> 0.1.0)
  mini_magick (~> 4.8.0)
  rainbow (~> 2.2.1)
  rubocop (= 0.57.2)
  rubyzip (~> 1.2.1)
  thor (~> 0.19.4)
  xcodeproj (~> 1.5.0)

BUNDLED WITH
   1.16.2
