GEM
  remote: https://rubygems.org/
  specs:
    CFPropertyList (2.3.5)
    activesupport (5.0.1)
      concurrent-ruby (~> 1.0, >= 1.0.2)
      i18n (~> 0.7)
      minitest (~> 5.1)
      tzinfo (~> 1.1)
    ast (2.3.0)
    awesome_print (1.7.0)
    claide (1.0.1)
    colored (1.2)
    concurrent-ruby (1.0.4)
    highline (1.7.8)
    httpclient (2.8.3)
    i18n (0.8.0)
    inifile (3.0.0)
    json_color (0.1.0)
      term-ansicolor
    minitest (5.10.1)
    nanaimo (0.2.3)
    parser (2.4.0.0)
      ast (~> 2.2)
    powerpack (0.1.1)
    rainbow (2.2.1)
    rmagick (2.16.0)
    rubocop (0.47.1)
      parser (>= 2.3.3.1, < 3.0)
      powerpack (~> 0.1)
      rainbow (>= 1.99.1, < 3.0)
      ruby-progressbar (~> 1.7)
      unicode-display_width (~> 1.0, >= 1.0.1)
    ruby-progressbar (1.8.1)
    rubyzip (1.2.1)
    term-ansicolor (1.4.0)
      tins (~> 1.0)
    thor (0.19.4)
    thread_safe (0.3.5)
    tins (1.13.2)
    tzinfo (1.2.2)
      thread_safe (~> 0.1)
    unicode-display_width (1.1.3)
    xcodeproj (1.4.2)
      CFPropertyList (~> 2.3.3)
      activesupport (>= 3)
      claide (>= 1.0.1, < 2.0)
      colored (~> 1.2)
      nanaimo (~> 0.2.3)

PLATFORMS
  ruby

DEPENDENCIES
  awesome_print (~> 1.7.0)
  bundler
  highline (~> 1.7.8)
  httpclient (~> 2.8.3)
  inifile (~> 3.0.0)
  json_color (~> 0.1.0)
  rainbow (~> 2.2.1)
  rmagick (~> 2.16.0)
  rubocop (~> 0.47.0)
  rubyzip (~> 1.2.1)
  thor (~> 0.19.4)
  xcodeproj (~> 1.4.2)

BUNDLED WITH
   1.14.3
